GEM
  remote: https://rubygems.org/
  specs:
    actionmailer (3.2.17)
      actionpack (= 3.2.17)
      mail (~> 2.5.4)
    actionpack (3.2.17)
      activemodel (= 3.2.17)
      activesupport (= 3.2.17)
      builder (~> 3.0.0)
      erubis (~> 2.7.0)
      journey (~> 1.0.4)
      rack (~> 1.4.5)
      rack-cache (~> 1.2)
      rack-test (~> 0.6.1)
      sprockets (~> 2.2.1)
    active_model_serializers (0.8.1)
      activemodel (>= 3.0)
    activemodel (3.2.17)
      activesupport (= 3.2.17)
      builder (~> 3.0.0)
    activerecord (3.2.17)
      activemodel (= 3.2.17)
      activesupport (= 3.2.17)
      arel (~> 3.0.2)
      tzinfo (~> 0.3.29)
    activeresource (3.2.17)
      activemodel (= 3.2.17)
      activesupport (= 3.2.17)
    activesupport (3.2.17)
      i18n (~> 0.6, >= 0.6.4)
      multi_json (~> 1.0)
    addressable (2.3.6)
    arel (3.0.3)
    aws-sdk (1.34.1)
      json (~> 1.4)
      nokogiri (>= 1.4.4)
      uuidtools (~> 2.1)
    barber (0.4.2)
      ember-source
      execjs
      handlebars-source
    better_errors (0.2.0)
      coderay (>= 1.0.0)
      erubis (>= 2.7.0)
    binding_of_caller (0.6.8)
    bootstrap-sass (2.1.1.0)
    bourbon (3.1.8)
      sass (>= 3.2.0)
      thor
    builder (3.0.4)
    capybara (2.1.0)
      mime-types (>= 1.16)
      nokogiri (>= 1.3.3)
      rack (>= 1.0.0)
      rack-test (>= 0.5.4)
      xpath (~> 2.0)
    celluloid (0.15.2)
      timers (~> 1.1.0)
    celluloid-io (0.15.0)
      celluloid (>= 0.15.0)
      nio4r (>= 0.5.0)
    childprocess (0.5.2)
      ffi (~> 1.0, >= 1.0.11)
    ckeditor (4.0.11)
      mime-types
      orm_adapter (~> 0.5.0)
    codeclimate-test-reporter (0.1.1)
      simplecov (>= 0.7.1, < 1.0.0)
    coderay (1.1.0)
    coffee-rails (3.2.2)
      coffee-script (>= 2.2.0)
      railties (~> 3.2.0)
    coffee-script (2.2.0)
      coffee-script-source
      execjs
    coffee-script-source (1.7.0)
    crack (0.4.2)
      safe_yaml (~> 1.0.0)
    dalli (2.7.0)
    database_cleaner (0.9.1)
    diff-lcs (1.2.5)
    dotenv (0.9.0)
    dotenv-rails (0.9.0)
      dotenv (= 0.9.0)
    draper (1.1.0)
      actionpack (>= 3.0)
      activesupport (>= 3.0)
      request_store (~> 1.0.3)
    ember-data-source (0.14)
      ember-source
    ember-rails (0.14.1)
      active_model_serializers
      barber (>= 0.4.1)
      ember-data-source
      ember-source
      execjs (>= 1.2)
      handlebars-source
      jquery-rails (>= 1.0.17)
      railties (>= 3.1)
    ember-source (1.0.1)
      handlebars-source (= 1.0.12)
    erubis (2.7.0)
    excon (0.32.1)
    execjs (2.0.2)
    fabrication (2.5.4)
    faker (1.3.0)
      i18n (~> 0.5)
    ffi (1.9.3)
    foreman (0.63.0)
      dotenv (>= 0.7)
      thor (>= 0.13.6)
    formatador (0.2.4)
    g5_sibling_deployer_engine (0.2.6)
      github_heroku_deployer (~> 0.2.0)
      heroku_resque_autoscaler (~> 0.1.0)
      microformats2 (~> 2.0.0.pre4)
      rails (~> 3.2.12)
      state_machine (~> 1.1.2)
      table_cloth (~> 0.2.1)
    git (1.2.6)
    git-ssh-wrapper (0.1.0)
    github_heroku_deployer (0.2.1)
      git (~> 1.2.5)
      git-ssh-wrapper (~> 0.1.0)
      heroku-api (~> 0.3.5)
    guard (2.6.0)
      formatador (>= 0.2.4)
      listen (~> 2.7)
      lumberjack (~> 1.0)
      pry (>= 0.9.12)
      thor (>= 0.18.1)
    guard-rspec (2.1.2)
      guard (>= 1.1)
      rspec (~> 2.11)
    handlebars-source (1.0.12)
    heroku-api (0.3.18)
      excon (~> 0.27)
      multi_json (~> 1.8)
    heroku_resque_autoscaler (0.1.2)
      heroku-api (~> 0.3.5)
      resque (~> 1.0)
    hike (1.2.3)
    honeybadger (1.11.2)
      json
    httparty (0.11.0)
      multi_json (~> 1.0)
      multi_xml (>= 0.5.2)
    i18n (0.6.9)
    journey (1.0.4)
    jquery-rails (3.0.4)
      railties (>= 3.0, < 5.0)
      thor (>= 0.14, < 2.0)
    jquery-ui-rails (4.0.5)
      railties (>= 3.1.0)
    json (1.7.7)
    kgio (2.9.2)
    launchy (2.4.2)
      addressable (~> 2.3)
    liquid (2.4.1)
    listen (2.7.1)
      celluloid (>= 0.15.2)
      celluloid-io (>= 0.15.0)
      rb-fsevent (>= 0.9.3)
      rb-inotify (>= 0.9)
    lograge (0.3.0)
      actionpack (>= 3)
      activesupport (>= 3)
      railties (>= 3)
    lumberjack (1.0.5)
    mail (2.5.4)
      mime-types (~> 1.16)
      treetop (~> 1.4.8)
    memcachier (0.0.2)
    method_source (0.8.2)
    microformats2 (2.0.0.pre5)
      activesupport (~> 3.2.13)
      json (~> 1.7.6)
      nokogiri (~> 1.5.6)
    mime-types (1.25.1)
    mono_logger (1.1.0)
    multi_json (1.9.2)
    multi_xml (0.5.5)
    newrelic_rpm (3.7.3.204)
    nio4r (1.0.0)
    nokogiri (1.5.11)
    orm_adapter (0.5.0)
    pg (0.17.1)
    phantomjs (1.8.1.1)
      poltergeist
    poltergeist (1.4.1)
      capybara (~> 2.1.0)
      cliver (~> 0.2.1)
      multi_json (~> 1.0)
      websocket-driver (>= 0.2.0)
    polyglot (0.3.4)
    pry (0.9.12.6)
      coderay (~> 1.0)
      method_source (~> 0.8)
      slop (~> 3.4)
    quiet_assets (1.0.2)
      railties (>= 3.1, < 5.0)
    rack (1.4.5)
    rack-cache (1.2)
      rack (>= 0.4)
    rack-protection (1.5.2)
      rack
    rack-ssl (1.3.4)
      rack
    rack-test (0.6.2)
      rack (>= 1.0)
    railroady (1.1.1)
    rails (3.2.17)
      actionmailer (= 3.2.17)
      actionpack (= 3.2.17)
      activerecord (= 3.2.17)
      activeresource (= 3.2.17)
      activesupport (= 3.2.17)
      bundler (~> 1.0)
      railties (= 3.2.17)
    rails-default-database (1.0.6)
      railties
    rails_12factor (0.0.2)
      rails_serve_static_assets
      rails_stdout_logging
    rails_serve_static_assets (0.0.2)
    rails_stdout_logging (0.0.3)
    railties (3.2.17)
      actionpack (= 3.2.17)
      activesupport (= 3.2.17)
      rack-ssl (~> 1.3.2)
      rake (>= 0.8.7)
      rdoc (~> 3.4)
      thor (>= 0.14.6, < 2.0)
    raindrops (0.13.0)
    rake (10.2.2)
    ranked-model (0.4.0)
      activerecord (>= 3.1.12)
    rb-fsevent (0.9.4)
    rb-inotify (0.9.3)
      ffi (>= 0.5.0)
    rdoc (3.12.2)
      json (~> 1.4)
    redis (3.0.7)
    redis-namespace (1.4.1)
      redis (~> 3.0.4)
    request_store (1.0.5)
    resque (1.25.2)
      mono_logger (~> 1.0)
      multi_json (~> 1.0)
      redis-namespace (~> 1.3)
      sinatra (>= 0.9.2)
      vegas (~> 0.1.2)
    rspec (2.14.1)
      rspec-core (~> 2.14.0)
      rspec-expectations (~> 2.14.0)
      rspec-mocks (~> 2.14.0)
    rspec-core (2.14.8)
    rspec-expectations (2.14.5)
      diff-lcs (>= 1.1.3, < 2.0)
    rspec-mocks (2.14.6)
    rspec-rails (2.14.2)
      actionpack (>= 3.0)
      activemodel (>= 3.0)
      activesupport (>= 3.0)
      railties (>= 3.0)
      rspec (~> 2.11.0)
    rubyzip (1.1.2)
    safe_yaml (1.0.1)
    sass (3.3.4)
    sass-rails (3.2.6)
      railties (~> 3.2.0)
      sass (>= 3.1.10)
      tilt (~> 1.3)
    selenium-webdriver (2.41.0)
      childprocess (>= 0.5.0)
      multi_json (~> 1.0)
      rubyzip (~> 1.0)
      websocket (~> 1.0.4)
    shoulda-matchers (2.0.0)
      activesupport (>= 3.0.0)
    simplecov (0.7.1)
      multi_json (~> 1.0)
      simplecov-html (~> 0.7.1)
    simplecov-html (0.7.1)
    sinatra (1.4.4)
      rack (~> 1.4)
      rack-protection (~> 1.4)
      tilt (~> 1.3, >= 1.3.4)
    slop (3.5.0)
    sprockets (2.2.2)
      hike (~> 1.2)
      multi_json (~> 1.0)
      rack (~> 1.0)
      tilt (~> 1.1, != 1.3.0)
    sqlite3 (1.3.9)
    state_machine (1.1.2)
    strong_parameters (0.2.3)
      actionpack (~> 3.0)
      activemodel (~> 3.0)
      activesupport (~> 3.0)
      railties (~> 3.0)
    table_cloth (0.2.3)
      actionpack (~> 3.2)
    teaspoon (0.7.9)
      railties (>= 3.2.5, < 5)
    thor (0.19.1)
    tilt (1.4.1)
    timecop (0.7.1)
    timers (1.1.0)
    treetop (1.4.15)
      polyglot
      polyglot (>= 0.3.1)
    tzinfo (0.3.39)
    uglifier (2.2.1)
      execjs (>= 0.3.0)
      multi_json (~> 1.0, >= 1.0.2)
    unicorn (4.8.2)
      kgio (~> 2.6)
      rack
      raindrops (~> 0.7)
    uuidtools (2.1.4)
    vcr (2.6.0)
    vegas (0.1.11)
      rack (>= 1.0.0)
    webmock (1.13.0)
      addressable (>= 2.2.7)
      crack (>= 0.3.2)
    websocket (1.0.7)
    xpath (2.0.0)
      nokogiri (~> 1.3)

PLATFORMS
  ruby

DEPENDENCIES
  aws-sdk (~> 1.34.1)
  better_errors (~> 0.2.0)
  binding_of_caller (~> 0.6.8)
  bootstrap-sass (~> 2.1.1.0)
  bourbon (~> 3.1.8)
  capybara (~> 2.1.0)
  ckeditor
  codeclimate-test-reporter (~> 0.1.1)
  coffee-rails (~> 3.2.1)
  coffee-script
  dalli
  database_cleaner (~> 0.9.1)
  dotenv-rails (~> 0.9.0)
  draper (~> 1.1.0)
  ember-data-source (~> 0.14)
  ember-rails
  ember-source (~> 1.0.0)
  fabrication (~> 2.5.0)
  faker
  foreman
  g5_sibling_deployer_engine (~> 0.2.5)
  github_heroku_deployer (~> 0.2.0)
  guard-rspec (~> 2.1.0)
  heroku_resque_autoscaler (~> 0.1.0)
  honeybadger
  httparty
  jquery-rails (~> 3.0.4)
  jquery-ui-rails (~> 4.0.5)
  launchy
  liquid (~> 2.4.1)
  lograge
  memcachier
  microformats2 (= 2.0.0.pre5)
  newrelic_rpm
  pg
  pry (~> 0.9.12.2)
  quiet_assets (~> 1.0.1)
  railroady
  rails (~> 3.2.14)
  rails-default-database (~> 1.0.6)
  rails_12factor
  ranked-model
  rb-fsevent (~> 0.9.2)
  rspec-rails (~> 2.14.2)
  sass-rails (~> 3.2.3)
  selenium-webdriver (~> 2.35)
  shoulda-matchers (~> 2.0.0)
  simplecov (~> 0.7.1)
  sqlite3 (~> 1.3.8)
  strong_parameters
  teaspoon (~> 0.7.5)
  timecop
  uglifier (>= 1.0.3)
  unicorn
  vcr (~> 2.6.0)
  webmock (~> 1.13.0)
