GIT
  remote: https://github.com/bradphelan/jasminerice.git
  revision: b5370e3cf2931aa5478e775369afb5ecef1c18b5
  specs:
    jasminerice (0.1.0)
      coffee-rails

GEM
  remote: https://rubygems.org/
  remote: https://gems.gemfury.com/88yeKzEGfizstwBaXVqj/
  specs:
    actionmailer (3.2.13)
      actionpack (= 3.2.13)
      mail (~> 2.5.3)
    actionpack (3.2.13)
      activemodel (= 3.2.13)
      activesupport (= 3.2.13)
      builder (~> 3.0.0)
      erubis (~> 2.7.0)
      journey (~> 1.0.4)
      rack (~> 1.4.5)
      rack-cache (~> 1.2)
      rack-test (~> 0.6.1)
      sprockets (~> 2.2.1)
    active_model_serializers (0.8.1)
      activemodel (>= 3.0)
    activemodel (3.2.13)
      activesupport (= 3.2.13)
      builder (~> 3.0.0)
    activerecord (3.2.13)
      activemodel (= 3.2.13)
      activesupport (= 3.2.13)
      arel (~> 3.0.2)
      tzinfo (~> 0.3.29)
    activeresource (3.2.13)
      activemodel (= 3.2.13)
      activesupport (= 3.2.13)
    activesupport (3.2.13)
      i18n (= 0.6.1)
      multi_json (~> 1.0)
    addressable (2.3.4)
    arel (3.0.2)
    barber (0.4.2)
      ember-source
      execjs
      handlebars-source
    better_errors (0.2.0)
      coderay (>= 1.0.0)
      erubis (>= 2.7.0)
    binding_of_caller (0.6.8)
    bootstrap-sass (2.1.1.0)
    bourbon (3.1.8)
      sass (>= 3.2.0)
      thor
    builder (3.0.4)
    capybara (2.1.0)
      mime-types (>= 1.16)
      nokogiri (>= 1.3.3)
      rack (>= 1.0.0)
      rack-test (>= 0.5.4)
      xpath (~> 2.0)
    childprocess (0.3.9)
      ffi (~> 1.0, >= 1.0.11)
    ckeditor (4.0.2)
      mime-types
      orm_adapter
    codeclimate-test-reporter (0.0.7)
      simplecov (>= 0.7.1, < 1.0.0)
    coderay (1.0.9)
    coffee-rails (3.2.2)
      coffee-script (>= 2.2.0)
      railties (~> 3.2.0)
    coffee-script (2.2.0)
      coffee-script-source
      execjs
    coffee-script-source (1.6.2)
    crack (0.3.2)
    daemons (1.1.9)
    dalli (2.6.4)
    database_cleaner (0.9.1)
    diff-lcs (1.1.3)
    draper (1.1.0)
      actionpack (>= 3.0)
      activesupport (>= 3.0)
      request_store (~> 1.0.3)
    ember-data-source (0.14)
      ember-source
    ember-rails (0.12.0)
      active_model_serializers
      barber (>= 0.4.1)
      ember-data-source
      ember-source (>= 1.0.0.rc2.2)
      execjs (>= 1.2)
      railties (>= 3.1)
    ember-source (1.0.0)
      handlebars-source (= 1.0.12)
    erubis (2.7.0)
    eventmachine (1.0.3)
    excon (0.25.3)
    execjs (1.4.0)
      multi_json (~> 1.0)
    fabrication (2.5.4)
    faker (1.1.2)
      i18n (~> 0.5)
    ffi (1.7.0)
    foreman (0.60.2)
      thor (>= 0.13.6)
    formatador (0.2.4)
    g5_sibling_deployer_engine (0.2.6)
      github_heroku_deployer (~> 0.2.0)
      heroku_resque_autoscaler (~> 0.1.0)
      microformats2 (~> 2.0.0.pre4)
      rails (~> 3.2.12)
      state_machine (~> 1.1.2)
      table_cloth (~> 0.2.1)
    git (1.2.6)
    git-ssh-wrapper (0.1.0)
    github_heroku_deployer (0.2.1)
      git (~> 1.2.5)
      git-ssh-wrapper (~> 0.1.0)
      heroku-api (~> 0.3.5)
    guard (1.7.0)
      formatador (>= 0.2.4)
      listen (>= 0.6.0)
      lumberjack (>= 1.0.2)
      pry (>= 0.9.10)
      thor (>= 0.14.6)
    guard-jasmine (1.16.0)
      childprocess
      guard (>= 1.1.0)
      multi_json
      thor
      tilt
    guard-rspec (2.1.2)
      guard (>= 1.1)
      rspec (~> 2.11)
    handlebars-source (1.0.12)
    heroku-api (0.3.15)
      excon (~> 0.25.1)
    heroku_resque_autoscaler (0.1.1)
      heroku-api (~> 0.3.5)
      resque (~> 1.23.0)
    hike (1.2.3)
    i18n (0.6.1)
    jasmine (1.3.2)
      jasmine-core (~> 1.3.1)
      rack (~> 1.0)
      rspec (>= 1.3.1)
      selenium-webdriver (>= 0.1.3)
    jasmine-core (1.3.1)
    journey (1.0.4)
    jquery-rails (2.2.1)
      railties (>= 3.0, < 5.0)
      thor (>= 0.14, < 2.0)
    json (1.7.7)
    liquid (2.4.1)
    listen (0.7.3)
    lumberjack (1.0.3)
    mail (2.5.4)
      mime-types (~> 1.16)
      treetop (~> 1.4.8)
    memcachier (0.0.2)
    method_source (0.8.1)
    microformats2 (2.0.0.pre5)
      activesupport (~> 3.2.13)
      json (~> 1.7.6)
      nokogiri (~> 1.5.6)
    mime-types (1.25)
    multi_json (1.8.0)
    newrelic_rpm (3.6.4.122)
    nokogiri (1.5.10)
    orm_adapter (0.4.0)
    pg (0.15.0)
    polyglot (0.3.3)
    pry (0.9.12)
      coderay (~> 1.0.5)
      method_source (~> 0.8)
      slop (~> 3.4)
    quiet_assets (1.0.2)
      railties (>= 3.1, < 5.0)
    rack (1.4.5)
    rack-cache (1.2)
      rack (>= 0.4)
    rack-protection (1.5.0)
      rack
    rack-ssl (1.3.3)
      rack
    rack-test (0.6.2)
      rack (>= 1.0)
    railroady (1.1.1)
    rails (3.2.13)
      actionmailer (= 3.2.13)
      actionpack (= 3.2.13)
      activerecord (= 3.2.13)
      activeresource (= 3.2.13)
      activesupport (= 3.2.13)
      bundler (~> 1.0)
      railties (= 3.2.13)
    rails-default-database (1.0.6)
      railties
    railties (3.2.13)
      actionpack (= 3.2.13)
      activesupport (= 3.2.13)
      rack-ssl (~> 1.3.2)
      rake (>= 0.8.7)
      rdoc (~> 3.4)
      thor (>= 0.14.6, < 2.0)
    rake (10.1.0)
    rb-fsevent (0.9.3)
    rdoc (3.12.2)
      json (~> 1.4)
    redis (3.0.4)
    redis-namespace (1.3.1)
      redis (~> 3.0.0)
    request_store (1.0.5)
    resque (1.23.1)
      multi_json (~> 1.0)
      redis-namespace (~> 1.0)
      sinatra (>= 0.9.2)
      vegas (~> 0.1.2)
    rspec (2.11.0)
      rspec-core (~> 2.11.0)
      rspec-expectations (~> 2.11.0)
      rspec-mocks (~> 2.11.0)
    rspec-core (2.11.1)
    rspec-expectations (2.11.3)
      diff-lcs (~> 1.1.3)
    rspec-mocks (2.11.3)
    rspec-rails (2.11.4)
      actionpack (>= 3.0)
      activesupport (>= 3.0)
      railties (>= 3.0)
      rspec (~> 2.11.0)
    rubyzip (0.9.9)
    sass (3.2.7)
    sass-rails (3.2.6)
      railties (~> 3.2.0)
      sass (>= 3.1.10)
      tilt (~> 1.3)
    selenium-webdriver (2.32.1)
      childprocess (>= 0.2.5)
      multi_json (~> 1.0)
      rubyzip
      websocket (~> 1.0.4)
    shoulda-matchers (2.0.0)
      activesupport (>= 3.0.0)
    simplecov (0.7.1)
      multi_json (~> 1.0)
      simplecov-html (~> 0.7.1)
    simplecov-html (0.7.1)
    sinatra (1.4.3)
      rack (~> 1.4)
      rack-protection (~> 1.4)
      tilt (~> 1.3, >= 1.3.4)
    slop (3.4.4)
    sprockets (2.2.2)
      hike (~> 1.2)
      multi_json (~> 1.0)
      rack (~> 1.0)
      tilt (~> 1.1, != 1.3.0)
    sqlite3 (1.3.7)
    state_machine (1.1.2)
    strong_parameters (0.1.5)
      actionpack (~> 3.1)
      activemodel (~> 3.1)
      railties (~> 3.1)
    table_cloth (0.2.3)
      actionpack (~> 3.2)
    thin (1.5.1)
      daemons (>= 1.0.9)
      eventmachine (>= 0.12.6)
      rack (>= 1.0.0)
    thor (0.18.1)
    tilt (1.4.1)
    treetop (1.4.15)
      polyglot
      polyglot (>= 0.3.1)
    tzinfo (0.3.37)
    uglifier (1.3.0)
      execjs (>= 0.3.0)
      multi_json (~> 1.0, >= 1.0.2)
    vegas (0.1.11)
      rack (>= 1.0.0)
    webmock (1.11.0)
      addressable (>= 2.2.7)
      crack (>= 0.3.2)
    websocket (1.0.7)
    xpath (2.0.0)
      nokogiri (~> 1.3)

PLATFORMS
  ruby

DEPENDENCIES
  better_errors (~> 0.2.0)
  binding_of_caller (~> 0.6.8)
  bootstrap-sass (~> 2.1.1.0)
  bourbon (~> 3.1.8)
  capybara (~> 2.1.0)
  ckeditor
  codeclimate-test-reporter
  coffee-rails (~> 3.2.1)
  dalli
  database_cleaner (~> 0.9.1)
  draper (~> 1.1.0)
  ember-data-source (~> 0.14)
  ember-rails
  ember-source (~> 1.0.0)
  fabrication (~> 2.5.0)
  faker (~> 1.1.2)
  foreman (~> 0.60.2)
  g5_sibling_deployer_engine (~> 0.2.5)
  github_heroku_deployer (~> 0.2.0)
  guard-jasmine
  guard-rspec (~> 2.1.0)
  heroku_resque_autoscaler (~> 0.1.0)
  jasmine
  jasminerice!
  jquery-rails
  liquid (~> 2.4.1)
  memcachier
  microformats2 (= 2.0.0.pre5)
  newrelic_rpm
  pg
  pry
  quiet_assets (~> 1.0.1)
  railroady
  rails (= 3.2.13)
  rails-default-database (~> 1.0.6)
  rb-fsevent (~> 0.9.2)
  rspec-rails (~> 2.11.4)
  sass-rails (~> 3.2.3)
  selenium-webdriver (~> 2.32.1)
  shoulda-matchers (~> 2.0.0)
  simplecov
  sqlite3
  strong_parameters
  thin (~> 1.5.0)
  uglifier (>= 1.0.3)
  webmock (~> 1.11.0)
